GEM
  remote: https://rubygems.org/
  specs:
    json (1.8.1)
    rack (1.6.4)
    sinatra (1.1.0)
      rack (~> 1.1)
      tilt (~> 1.1)
    stsplatform (0.0.1)
      json (~> 1.8)
    tilt (1.4.1)

PLATFORMS
  ruby

DEPENDENCIES
  sinatra (= 1.1.0)
  stsplatform (= 0.0.1)
